GEM
  remote: https://rubygems.org/
  specs:
    rake (10.4.2)
    terraform_dsl (0.0.1)

PLATFORMS
  ruby

DEPENDENCIES
  rake
  terraform_dsl
